GEM
  remote: http://rubygems.org/
  specs:
    activesupport (3.2.8)
      i18n (~> 0.6)
      multi_json (~> 1.0)
    addressable (2.3.2)
    bson (1.7.0)
    bson_ext (1.7.0)
      bson (~> 1.7.0)
    daemons (1.1.9)
    em-hiredis (0.1.1)
      hiredis (~> 0.4.0)
    em-websocket (0.3.8)
      addressable (>= 2.1.1)
      eventmachine (>= 0.12.9)
    eventmachine (1.0.0)
    fnordmetric (1.0.0)
      activesupport
      bson_ext (>= 1.4.0)
      em-hiredis (= 0.1.1)
      eventmachine
      haml
      i18n
      json
      rack
      rack-test
      redis (>= 2.2.2)
      sinatra (>= 1.2.6)
      thin (~> 1.3.0)
      websocket-rack (= 0.4.0)
      yajl-ruby
    foreman (0.59.0)
      thor (>= 0.13.6)
    haml (3.1.7)
    hiredis (0.4.5)
    i18n (0.6.1)
    json (1.7.5)
    multi_json (1.3.6)
    rack (1.4.1)
    rack-protection (1.2.0)
      rack
    rack-test (0.6.1)
      rack (>= 1.0)
    redis (3.0.1)
    sinatra (1.3.3)
      rack (~> 1.3, >= 1.3.6)
      rack-protection (~> 1.2)
      tilt (~> 1.3, >= 1.3.3)
    thin (1.3.1)
      daemons (>= 1.0.9)
      eventmachine (>= 0.12.6)
      rack (>= 1.0.0)
    thor (0.16.0)
    tilt (1.3.3)
    websocket-rack (0.4.0)
      em-websocket (~> 0.3.6)
      eventmachine (~> 1.0.0.beta.4)
      rack
      thin
    yajl-ruby (1.1.0)

PLATFORMS
  ruby

DEPENDENCIES
  eventmachine (>= 1.0.0)
  fnordmetric
  foreman
