GEM
  remote: https://rubygems.org/
  remote: http://rubygems.org/
  specs:
    gelf (1.3.2)
      json
    jruby_threach (0.4.1-java)
    json (1.6.6-java)

PLATFORMS
  java

DEPENDENCIES
  gelf
  jruby_threach
